GEM
  remote: https://rubygems.org/
  specs:
    faraday (2.3.0)
      faraday-net_http (~> 2.0)
      ruby2_keywords (>= 0.0.4)
    faraday-net_http (2.0.3)
    language_server-protocol (3.16.0.3)
    little-plugger (1.1.4)
    logging (2.3.1)
      little-plugger (~> 1.1)
      multi_json (~> 1.14)
    multi_json (1.15.0)
    oj (3.13.17)
    pg (1.4.1)
    prettier_print (0.1.0)
    ruby-lsp (0.2.0)
      language_server-protocol
      sorbet-runtime
      syntax_tree (>= 2.4)
    ruby2_keywords (0.0.5)
    sequel (5.58.0)
    sorbet-runtime (0.5.10207)
    sqlite3 (1.6.0-x86_64-linux)
    syntax_tree (3.2.1)
      prettier_print

PLATFORMS
  x86_64-linux

DEPENDENCIES
  faraday
  logging
  oj
  pg
  ruby-lsp (~> 0.2.0)
  sequel
  sqlite3 (~> 1.6)

BUNDLED WITH
   2.3.17
