GEM
  remote: https://rubygems.org/
  specs:
    async (2.3.1)
      console (~> 1.10)
      io-event (~> 1.1)
      timers (~> 4.1)
    async-http (0.60.1)
      async (>= 1.25)
      async-io (>= 1.28)
      async-pool (>= 0.2)
      protocol-http (~> 0.24.0)
      protocol-http1 (~> 0.15.0)
      protocol-http2 (~> 0.15.0)
      traces (>= 0.8.0)
    async-io (1.34.3)
      async
    async-pool (0.3.12)
      async (>= 1.25)
    console (1.16.2)
      fiber-local
    faraday (2.3.0)
      faraday-net_http (~> 2.0)
      ruby2_keywords (>= 0.0.4)
    faraday-net_http (2.0.3)
    fiber-local (1.0.0)
    io-event (1.1.6)
    language_server-protocol (3.16.0.3)
    little-plugger (1.1.4)
    logging (2.3.1)
      little-plugger (~> 1.1)
      multi_json (~> 1.14)
    multi_json (1.15.0)
    oj (3.13.17)
    pg (1.4.1)
    prettier_print (0.1.0)
    protocol-hpack (1.4.2)
    protocol-http (0.24.1)
    protocol-http1 (0.15.0)
      protocol-http (~> 0.22)
    protocol-http2 (0.15.0)
      protocol-hpack (~> 1.4)
      protocol-http (~> 0.18)
    ruby-lsp (0.2.0)
      language_server-protocol
      sorbet-runtime
      syntax_tree (>= 2.4)
    ruby2_keywords (0.0.5)
    sequel (5.58.0)
    sorbet-runtime (0.5.10207)
    sqlite3 (1.6.0-x86_64-linux)
    syntax_tree (3.2.1)
      prettier_print
    timers (4.3.5)
    traces (0.8.0)

PLATFORMS
  x86_64-linux

DEPENDENCIES
  async (~> 2.3)
  async-http (~> 0.60.1)
  faraday
  logging
  oj
  pg
  ruby-lsp (~> 0.2.0)
  sequel
  sqlite3

BUNDLED WITH
   2.3.17
